GEM
  remote: https://rubygems.org/
  specs:
    bond (0.5.1)
    ffi (1.9.10)
    ffi-rzmq (2.0.4)
      ffi-rzmq-core (>= 1.0.1)
    ffi-rzmq-core (1.0.4)
      ffi (~> 1.9)
    iruby (0.2.8)
      bond (~> 0.5)
      mimemagic (~> 0.3)
      multi_json (~> 1.11)
    mimemagic (0.3.1)
    multi_json (1.11.2)
    tqdm (0.3.0)

PLATFORMS
  ruby

DEPENDENCIES
  bundler (>= 1.8.4)
  ffi-rzmq
  iruby
  tqdm

BUNDLED WITH
   1.11.2
